GEM
  remote: https://rubygems.org/
  specs:
    actionmailer (3.2.3)
      actionpack (= 3.2.3)
      mail (~> 2.4.4)
    actionpack (3.2.3)
      activemodel (= 3.2.3)
      activesupport (= 3.2.3)
      builder (~> 3.0.0)
      erubis (~> 2.7.0)
      journey (~> 1.0.1)
      rack (~> 1.4.0)
      rack-cache (~> 1.2)
      rack-test (~> 0.6.1)
      sprockets (~> 2.1.2)
    activemodel (3.2.3)
      activesupport (= 3.2.3)
      builder (~> 3.0.0)
    activerecord (3.2.3)
      activemodel (= 3.2.3)
      activesupport (= 3.2.3)
      arel (~> 3.0.2)
      tzinfo (~> 0.3.29)
    activeresource (3.2.3)
      activemodel (= 3.2.3)
      activesupport (= 3.2.3)
    activesupport (3.2.3)
      i18n (~> 0.6)
      multi_json (~> 1.0)
    annotate (2.4.1.beta1)
    arel (3.0.2)
    attr_required (0.0.5)
    bcrypt-ruby (3.0.1)
    bootstrap-will_paginate (0.0.6)
      will_paginate
    builder (3.0.4)
    capybara (1.1.2)
      mime-types (>= 1.16)
      nokogiri (>= 1.3.3)
      rack (>= 1.0.0)
      rack-test (>= 0.5.4)
      selenium-webdriver (~> 2.0)
      xpath (~> 0.1.4)
    childprocess (0.3.9)
      ffi (~> 1.0, >= 1.0.11)
    chunky_png (1.2.8)
    coderay (1.0.9)
    coffee-rails (3.2.2)
      coffee-script (>= 2.2.0)
      railties (~> 3.2.0)
    coffee-script (2.2.0)
      coffee-script-source
      execjs
    coffee-script-source (1.6.2)
    compass (0.12.2)
      chunky_png (~> 1.2)
      fssm (>= 0.2.7)
      sass (~> 3.1)
    compass-rails (1.0.3)
      compass (>= 0.12.2, < 0.14)
    cucumber (1.3.2)
      builder (>= 2.1.2)
      diff-lcs (>= 1.1.3)
      gherkin (~> 2.12.0)
      multi_json (~> 1.3)
    cucumber-rails (1.2.1)
      capybara (>= 1.1.2)
      cucumber (>= 1.1.3)
      nokogiri (>= 1.5.0)
    daemons (1.1.9)
    database_cleaner (0.7.1)
    devise (2.2.4)
      bcrypt-ruby (~> 3.0)
      orm_adapter (~> 0.1)
      railties (~> 3.1)
      warden (~> 1.2.1)
    diff-lcs (1.1.3)
    erubis (2.7.0)
    eventmachine (1.0.3)
    execjs (1.4.0)
      multi_json (~> 1.0)
    factory_girl (4.2.0)
      activesupport (>= 3.0.0)
    factory_girl_rails (4.2.1)
      factory_girl (~> 4.2.0)
      railties (>= 3.0.0)
    faker (1.0.1)
      i18n (~> 0.4)
    faraday (0.8.7)
      multipart-post (~> 1.1)
    fb_graph (2.7.6)
      httpclient (>= 2.2.0.2)
      multi_json (>= 1.3)
      rack-oauth2 (>= 0.14.4)
      tzinfo
    ffi (1.9.0)
    formatador (0.2.4)
    fssm (0.2.10)
    geocoder (1.1.8)
    gherkin (2.12.0)
      multi_json (~> 1.3)
    growl (1.0.3)
    guard (1.7.0)
      formatador (>= 0.2.4)
      listen (>= 0.6.0)
      lumberjack (>= 1.0.2)
      pry (>= 0.9.10)
      thor (>= 0.14.6)
    guard-rspec (0.5.5)
      guard (>= 0.8.4)
    guard-spork (0.3.2)
      guard (>= 0.8.4)
      spork (>= 0.8.4)
    hashie (2.0.5)
    hike (1.2.3)
    httpauth (0.2.0)
    httpclient (2.3.3)
    i18n (0.6.4)
    journey (1.0.4)
    jquery-rails (2.0.3)
      railties (>= 3.1.0, < 5.0)
      thor (~> 0.14)
    json (1.8.0)
    jwt (0.1.8)
      multi_json (>= 1.5)
    listen (0.7.3)
    lumberjack (1.0.4)
    mail (2.4.4)
      i18n (>= 0.4.0)
      mime-types (~> 1.16)
      treetop (~> 1.4.8)
    method_source (0.8.1)
    mime-types (1.23)
    mini_portile (0.5.0)
    multi_json (1.7.7)
    multipart-post (1.2.0)
    nifty-generators (0.4.6)
    nokogiri (1.6.0)
      mini_portile (~> 0.5.0)
    oauth (0.4.7)
    oauth2 (0.8.1)
      faraday (~> 0.8)
      httpauth (~> 0.1)
      jwt (~> 0.1.4)
      multi_json (~> 1.0)
      rack (~> 1.2)
    omniauth (1.1.4)
      hashie (>= 1.2, < 3)
      rack
    omniauth-facebook (1.4.1)
      omniauth-oauth2 (~> 1.1.0)
    omniauth-oauth (1.0.1)
      oauth
      omniauth (~> 1.0)
    omniauth-oauth2 (1.1.1)
      oauth2 (~> 0.8.0)
      omniauth (~> 1.0)
    omniauth-twitter (0.0.18)
      multi_json (~> 1.3)
      omniauth-oauth (~> 1.0)
    orm_adapter (0.4.0)
    pg (0.15.1)
    polyglot (0.3.3)
    pry (0.9.12.2)
      coderay (~> 1.0.5)
      method_source (~> 0.8)
      slop (~> 3.4)
    rack (1.4.5)
    rack-cache (1.2)
      rack (>= 0.4)
    rack-oauth2 (1.0.5)
      activesupport (>= 2.3)
      attr_required (>= 0.0.5)
      httpclient (>= 2.2.0.2)
      multi_json (>= 1.3.6)
      rack (>= 1.1)
    rack-ssl (1.3.3)
      rack
    rack-test (0.6.2)
      rack (>= 1.0)
    rails (3.2.3)
      actionmailer (= 3.2.3)
      actionpack (= 3.2.3)
      activerecord (= 3.2.3)
      activeresource (= 3.2.3)
      activesupport (= 3.2.3)
      bundler (~> 1.0)
      railties (= 3.2.3)
    railties (3.2.3)
      actionpack (= 3.2.3)
      activesupport (= 3.2.3)
      rack-ssl (~> 1.3.2)
      rake (>= 0.8.7)
      rdoc (~> 3.4)
      thor (~> 0.14.6)
    rake (10.1.0)
    rb-fsevent (0.9.1)
    rdoc (3.12.2)
      json (~> 1.4)
    redis (3.0.4)
    redis-actionpack (3.2.3)
      actionpack (~> 3.2.3)
      redis-rack (~> 1.4.0)
      redis-store (~> 1.1.0)
    redis-activesupport (3.2.3)
      activesupport (~> 3.2.3)
      redis-store (~> 1.1.0)
    redis-rack (1.4.2)
      rack (~> 1.4.1)
      redis-store (~> 1.1.0)
    redis-rails (3.2.3)
      redis-actionpack (~> 3.2.3)
      redis-activesupport (~> 3.2.3)
      redis-store (~> 1.1.0)
    redis-store (1.1.3)
      redis (>= 2.2.0)
    rspec (2.10.0)
      rspec-core (~> 2.10.0)
      rspec-expectations (~> 2.10.0)
      rspec-mocks (~> 2.10.0)
    rspec-core (2.10.1)
    rspec-expectations (2.10.0)
      diff-lcs (~> 1.1.3)
    rspec-mocks (2.10.1)
    rspec-rails (2.10.0)
      actionpack (>= 3.0)
      activesupport (>= 3.0)
      railties (>= 3.0)
      rspec (~> 2.10.0)
    rubyzip (0.9.9)
    sass (3.2.9)
    sass-rails (3.2.4)
      railties (~> 3.2.0)
      sass (>= 3.1.10)
      tilt (~> 1.3)
    selenium-webdriver (2.33.0)
      childprocess (>= 0.2.5)
      multi_json (~> 1.0)
      rubyzip
      websocket (~> 1.0.4)
    simple_oauth (0.2.0)
    slop (3.4.5)
    spork (0.9.0)
    sprockets (2.1.3)
      hike (~> 1.2)
      rack (~> 1.0)
      tilt (~> 1.1, != 1.3.0)
    thin (1.5.1)
      daemons (>= 1.0.9)
      eventmachine (>= 0.12.6)
      rack (>= 1.0.0)
    thor (0.14.6)
    tilt (1.4.1)
    treetop (1.4.14)
      polyglot
      polyglot (>= 0.3.1)
    twitter (4.8.1)
      faraday (~> 0.8, < 0.10)
      multi_json (~> 1.0)
      simple_oauth (~> 0.2)
    tzinfo (0.3.37)
    uglifier (1.2.3)
      execjs (>= 0.3.0)
      multi_json (>= 1.0.2)
    warden (1.2.1)
      rack (>= 1.0)
    websocket (1.0.7)
    will_paginate (3.0.3)
    xpath (0.1.4)
      nokogiri (~> 1.3)

PLATFORMS
  ruby

DEPENDENCIES
  annotate (~> 2.4.1.beta)
  bcrypt-ruby (= 3.0.1)
  bootstrap-will_paginate (= 0.0.6)
  capybara (= 1.1.2)
  coffee-rails (= 3.2.2)
  compass-rails (~> 1.0.3)
  cucumber-rails (= 1.2.1)
  database_cleaner (= 0.7.1)
  devise (~> 2.2.4)
  factory_girl_rails (~> 4.2.1)
  faker (= 1.0.1)
  fb_graph
  geocoder (~> 1.1.8)
  growl (= 1.0.3)
  guard-rspec (= 0.5.5)
  guard-spork (= 0.3.2)
  jquery-rails (~> 2.0.0)
  nifty-generators
  omniauth (~> 1.1.4)
  omniauth-facebook (~> 1.4.1)
  omniauth-twitter (~> 0.0.7)
  pg (~> 0.15.1)
  pry (~> 0.9.12.2)
  rack (~> 1.4.1)
  rails (= 3.2.3)
  rb-fsevent (= 0.9.1)
  redis
  redis-rails (~> 3.2.3)
  rspec-rails (= 2.10.0)
  sass-rails (= 3.2.4)
  spork (= 0.9.0)
  thin (~> 1.5.1)
  twitter
  uglifier (= 1.2.3)
  will_paginate (= 3.0.3)
